GEM
  remote: https://rubygems.org/
  specs:
    haml (4.0.6)
      tilt
    tilt (2.0.1)

PLATFORMS
  ruby

DEPENDENCIES
  haml
